GEM
  remote: https://rubygems.org/
  specs:
    activesupport (4.1.8)
      i18n (~> 0.6, >= 0.6.9)
      json (~> 1.7, >= 1.7.7)
      minitest (~> 5.1)
      thread_safe (~> 0.1)
      tzinfo (~> 1.1)
    attributor (2.2.1)
      hashie (~> 3)
      randexp (~> 0)
    color (1.7.1)
    fastercsv (1.5.5)
    hashie (3.3.2)
    i18n (0.6.11)
    json (1.8.1)
    mime (0.4.2)
    minitest (5.4.3)
    mustermann (0.4.0)
      tool (~> 0.2)
    pdf-writer (1.1.8)
      color (>= 1.4.0)
      transaction-simple (~> 1.3)
    praxis (0.10.1)
      activesupport (>= 3)
      attributor (~> 2.2)
      mime (~> 0)
      mustermann (~> 0)
      praxis-blueprints (~> 1.1)
      praxis-mapper (~> 3.1)
      rack (~> 1)
      ruport (~> 1)
      thor (~> 0)
    praxis-blueprints (1.1.0)
      activesupport (>= 3)
      attributor (~> 2)
      randexp (~> 0)
    praxis-mapper (3.1.2)
      activesupport (>= 3)
      randexp (~> 0)
      sequel (~> 4)
    rack (1.5.2)
    randexp (0.1.7)
    ruport (1.6.3)
      fastercsv
      pdf-writer (= 1.1.8)
    sequel (4.17.0)
    thor (0.19.1)
    thread_safe (0.3.4)
    tool (0.2.3)
    transaction-simple (1.4.0.2)
    tzinfo (1.2.2)
      thread_safe (~> 0.1)

PLATFORMS
  ruby

DEPENDENCIES
  praxis
