GEM
  remote: https://rubygems.org/
  specs:
    acirb (1.1.2.1)
      httpclient (~> 2.6, >= 2.6.0.1)
      json
      nokogiri
      websocket (~> 1.0)
    addressable (2.3.8)
    backports (3.6.6)
    coderay (1.1.0)
    crack (0.4.2)
      safe_yaml (~> 1.0.0)
    diff-lcs (1.2.5)
    eventmachine (1.0.8)
    httpclient (2.6.0.1)
    json (1.8.3)
    kgio (2.10.0)
    method_source (0.8.2)
    mini_portile (0.6.2)
    multi_json (1.11.2)
    nokogiri (1.6.6.2)
      mini_portile (~> 0.6.0)
    pry (0.10.3)
      coderay (~> 1.1.0)
      method_source (~> 0.8.1)
      slop (~> 3.4)
    rack (1.6.4)
    rack-mount (0.8.3)
      rack (>= 1.0.0)
    rack-protection (1.5.3)
      rack
    rack-test (0.6.3)
      rack (>= 1.0)
    rainbows (4.7.0)
      kgio (~> 2.5)
      rack (~> 1.1)
      unicorn (~> 4.8)
    raindrops (0.15.0)
    rspec (2.99.0)
      rspec-core (~> 2.99.0)
      rspec-expectations (~> 2.99.0)
      rspec-mocks (~> 2.99.0)
    rspec-core (2.99.2)
    rspec-expectations (2.99.2)
      diff-lcs (>= 1.1.3, < 2.0)
    rspec-mocks (2.99.4)
    safe_yaml (1.0.4)
    sinatra (1.4.6)
      rack (~> 1.4)
      rack-protection (~> 1.4)
      tilt (>= 1.3, < 3)
    sinatra-contrib (1.4.6)
      backports (>= 2.0)
      multi_json
      rack-protection
      rack-test
      sinatra (~> 1.4.0)
      tilt (>= 1.3, < 3)
    slop (3.6.0)
    tilt (2.0.1)
    unicorn (4.9.0)
      kgio (~> 2.6)
      rack
      raindrops (~> 0.7)
    vcr (2.9.3)
    webmock (1.15.2)
      addressable (>= 2.2.7)
      crack (>= 0.3.2)
    websocket (1.2.2)
    yajl-ruby (1.2.1)

PLATFORMS
  ruby

DEPENDENCIES
  acirb
  eventmachine
  multi_json
  pry
  rack-mount
  rainbows (>= 4.6.1)
  rspec (~> 2.10)
  sinatra
  sinatra-contrib
  vcr
  webmock (~> 1.15.0)
  yajl-ruby

BUNDLED WITH
   1.10.6
