GIT
  remote: git@github.com:rightscale/praxis.git
  revision: 26789f9ffad045f33c4ca92792f5d2aa8dead0a2
  specs:
    praxis (0.9)
      activesupport (~> 4)
      attributor (~> 2)
      mime (~> 0)
      mustermann (~> 0)
      praxis-blueprints (~> 1.0)
      praxis-mapper (~> 3.1)
      rack (~> 1)
      ruport (~> 1)
      thor (~> 0)

GEM
  remote: https://rubygems.org/
  specs:
    activesupport (4.1.5)
      i18n (~> 0.6, >= 0.6.9)
      json (~> 1.7, >= 1.7.7)
      minitest (~> 5.1)
      thread_safe (~> 0.1)
      tzinfo (~> 1.1)
    addressable (2.3.6)
    attributor (2.1.0)
      hashie (~> 3)
      randexp (~> 0)
    autoparse (0.3.3)
      addressable (>= 2.3.1)
      extlib (>= 0.9.15)
      multi_json (>= 1.0.0)
    color (1.7.1)
    diff-lcs (1.2.5)
    extlib (0.9.16)
    faraday (0.9.0)
      multipart-post (>= 1.2, < 3)
    fastercsv (1.5.5)
    google-api-client (0.7.1)
      addressable (>= 2.3.2)
      autoparse (>= 0.3.3)
      extlib (>= 0.9.15)
      faraday (>= 0.9.0)
      jwt (>= 0.1.5)
      launchy (>= 2.1.1)
      multi_json (>= 1.0.0)
      retriable (>= 1.4)
      signet (>= 0.5.0)
      uuidtools (>= 2.1.0)
    hashie (3.3.1)
    i18n (0.6.11)
    json (1.8.1)
    jwt (1.0.0)
    launchy (2.4.2)
      addressable (~> 2.3)
    mime (0.4.2)
    minitest (5.4.1)
    multi_json (1.10.1)
    multipart-post (2.0.0)
    mustermann (0.3.0)
      tool (~> 0.2)
    pdf-writer (1.1.8)
      color (>= 1.4.0)
      transaction-simple (~> 1.3)
    praxis-blueprints (1.0.0)
      activesupport (~> 4)
      attributor (~> 2)
      randexp (~> 0)
    praxis-mapper (3.1.1)
      activesupport (~> 4)
      randexp (~> 0)
      sequel (~> 4)
    rack (1.5.2)
    rake (10.3.2)
    randexp (0.1.7)
    retriable (1.4.1)
    rspec (3.1.0)
      rspec-core (~> 3.1.0)
      rspec-expectations (~> 3.1.0)
      rspec-mocks (~> 3.1.0)
    rspec-core (3.1.0)
      rspec-support (~> 3.1.0)
    rspec-expectations (3.1.0)
      diff-lcs (>= 1.2.0, < 2.0)
      rspec-support (~> 3.1.0)
    rspec-mocks (3.1.0)
      rspec-support (~> 3.1.0)
    rspec-support (3.1.0)
    ruport (1.6.3)
      fastercsv
      pdf-writer (= 1.1.8)
    sequel (4.14.0)
    signet (0.5.1)
      addressable (>= 2.2.3)
      faraday (>= 0.9.0.rc5)
      jwt (>= 0.1.5)
      multi_json (>= 1.0.0)
    thor (0.19.1)
    thread_safe (0.3.4)
    tool (0.2.2)
    transaction-simple (1.4.0.2)
    tzinfo (1.2.2)
      thread_safe (~> 0.1)
    uuidtools (2.1.5)

PLATFORMS
  ruby

DEPENDENCIES
  google-api-client
  praxis!
  rack (~> 1.0)
  rake
  rspec
