GEM
  remote: https://rubygems.org/
  specs:
    activesupport (4.1.8)
      i18n (~> 0.6, >= 0.6.9)
      json (~> 1.7, >= 1.7.7)
      minitest (~> 5.1)
      thread_safe (~> 0.1)
      tzinfo (~> 1.1)
    addressable (2.3.6)
    attributor (2.2.1)
      hashie (~> 3)
      randexp (~> 0)
    aws-sdk-core (2.0.13)
      builder (~> 3.0)
      jmespath (~> 1.0)
      multi_json (~> 1.0)
      multi_xml (~> 0.5)
    backports (3.6.4)
    builder (3.2.2)
    coderay (1.1.0)
    color (1.7.1)
    crack (0.4.2)
      safe_yaml (~> 1.0.0)
    diff-lcs (1.2.5)
    eventmachine (1.0.3)
    fastercsv (1.5.5)
    hashie (3.3.2)
    i18n (0.6.11)
    jmespath (1.0.2)
      multi_json (~> 1.0)
    json (1.8.1)
    kgio (2.9.2)
    method_source (0.8.2)
    mime (0.4.2)
    minitest (5.4.3)
    multi_json (1.10.1)
    multi_xml (0.5.5)
    mustermann (0.4.0)
      tool (~> 0.2)
    pdf-writer (1.1.8)
      color (>= 1.4.0)
      transaction-simple (~> 1.3)
    praxis (0.10.1)
      activesupport (>= 3)
      attributor (~> 2.2)
      mime (~> 0)
      mustermann (~> 0)
      praxis-blueprints (~> 1.1)
      praxis-mapper (~> 3.1)
      rack (~> 1)
      ruport (~> 1)
      thor (~> 0)
    praxis-blueprints (1.1.0)
      activesupport (>= 3)
      attributor (~> 2)
      randexp (~> 0)
    praxis-mapper (3.1.2)
      activesupport (>= 3)
      randexp (~> 0)
      sequel (~> 4)
    pry (0.10.1)
      coderay (~> 1.1.0)
      method_source (~> 0.8.1)
      slop (~> 3.4)
    rack (1.5.2)
    rack-mount (0.8.3)
      rack (>= 1.0.0)
    rack-protection (1.5.3)
      rack
    rack-test (0.6.2)
      rack (>= 1.0)
    rainbows (4.6.2)
      kgio (~> 2.5)
      rack (~> 1.1)
      unicorn (~> 4.8)
    raindrops (0.13.0)
    randexp (0.1.7)
    rspec (2.99.0)
      rspec-core (~> 2.99.0)
      rspec-expectations (~> 2.99.0)
      rspec-mocks (~> 2.99.0)
    rspec-core (2.99.2)
    rspec-expectations (2.99.2)
      diff-lcs (>= 1.1.3, < 2.0)
    rspec-mocks (2.99.2)
    ruport (1.6.3)
      fastercsv
      pdf-writer (= 1.1.8)
    safe_yaml (1.0.4)
    sequel (4.17.0)
    sinatra (1.4.5)
      rack (~> 1.4)
      rack-protection (~> 1.4)
      tilt (~> 1.3, >= 1.3.4)
    sinatra-contrib (1.4.2)
      backports (>= 2.0)
      multi_json
      rack-protection
      rack-test
      sinatra (~> 1.4.0)
      tilt (~> 1.3)
    slop (3.6.0)
    thor (0.19.1)
    thread_safe (0.3.4)
    tilt (1.4.1)
    tool (0.2.3)
    transaction-simple (1.4.0.2)
    tzinfo (1.2.2)
      thread_safe (~> 0.1)
    unicorn (4.8.3)
      kgio (~> 2.6)
      rack
      raindrops (~> 0.7)
    vcr (2.9.3)
    webmock (1.15.2)
      addressable (>= 2.2.7)
      crack (>= 0.3.2)
    yajl-ruby (1.2.1)

PLATFORMS
  ruby

DEPENDENCIES
  activesupport
  aws-sdk-core
  eventmachine
  multi_json
  praxis
  pry
  rack-mount
  rack-test
  rainbows (>= 4.6.1)
  rspec (~> 2.10)
  sinatra
  sinatra-contrib
  vcr
  webmock (~> 1.15.0)
  yajl-ruby
